GEM
  remote: https://rubygems.org/
  specs:
    mini_magick (4.2.10)
    rack (1.6.4)
    rack-cors (0.4.0)
    rack-protection (1.5.3)
      rack
    sinatra (1.4.6)
      rack (~> 1.4)
      rack-protection (~> 1.4)
      tilt (>= 1.3, < 3)
    tilt (2.0.1)

PLATFORMS
  ruby

DEPENDENCIES
  mini_magick
  rack-cors
  sinatra

BUNDLED WITH
   1.10.4
